GEM
  remote: http://rubygems.org/
  specs:
    haml (3.1.3)
    libxml-ruby (2.2.2)
    libxml-ruby (2.2.2-x86-mingw32)
    rack (1.3.5)
    rack-protection (1.1.4)
      rack
    rscrobbler (0.0.6)
      libxml-ruby
    sass (3.1.10)
    sinatra (1.3.1)
      rack (~> 1.3, >= 1.3.4)
      rack-protection (~> 1.1, >= 1.1.2)
      tilt (~> 1.3, >= 1.3.3)
    tilt (1.3.3)

PLATFORMS
  ruby
  x86-mingw32

DEPENDENCIES
  haml
  rscrobbler
  sass
  sinatra
