GEM
  remote: http://rubygems.org/
  specs:
    haml (3.1.4)
    libxml-ruby (2.2.2-x86-mingw32)
    rack (1.4.1)
    rack-protection (1.2.0)
      rack
    rscrobbler (0.1.0)
      libxml-ruby
    sass (3.1.13)
    sinatra (1.3.2)
      rack (~> 1.3, >= 1.3.6)
      rack-protection (~> 1.2)
      tilt (~> 1.3, >= 1.3.3)
    tilt (1.3.3)

PLATFORMS
  x86-mingw32

DEPENDENCIES
  haml
  rscrobbler
  sass
  sinatra
