GEM
  remote: http://rubygems.org/
  specs:
    libxml-ruby (2.2.2)
    libxml-ruby (2.2.2-x86-mingw32)
    rscrobbler (0.0.6)
      libxml-ruby

PLATFORMS
  ruby
  x86-mingw32

DEPENDENCIES
  rscrobbler
