GEM
  remote: http://rubygems.org/
  specs:
    hpricot (0.8.4)

PLATFORMS
  x86-mingw32

DEPENDENCIES
  hpricot
