GEM
  remote: http://rubygems.org/
  specs:
    libxml-ruby (2.1.2-x86-mingw32)

PLATFORMS
  x86-mingw32

DEPENDENCIES
  libxml-ruby
