GEM
  remote: http://rubygems.org/
  specs:
    xml-simple (1.1.0)

PLATFORMS
  x86-mingw32

DEPENDENCIES
  xml-simple
